GIT
  remote: https://github.com/Tak/urika
  revision: 716aeb67368a8809726d8e1436c1bd6bb08fd6df
  branch: trunk
  specs:
    urika (0.1.0)

PATH
  remote: .
  specs:
    spamify (0.1.0)
      eventmachine
      faye-websocket
      rspotify
      slack-ruby-client

GEM
  remote: https://rubygems.org/
  specs:
    activesupport (5.2.1)
      concurrent-ruby (~> 1.0, >= 1.0.2)
      i18n (>= 0.7, < 2)
      minitest (~> 5.1)
      tzinfo (~> 1.1)
    addressable (2.5.2)
      public_suffix (>= 2.0.2, < 4.0)
    concurrent-ruby (1.0.5)
    diff-lcs (1.3)
    domain_name (0.5.20190701)
      unf (>= 0.0.5, < 1.0.0)
    eventmachine (1.2.7)
    faraday (0.17.1)
      multipart-post (>= 1.2, < 3)
    faraday_middleware (0.12.2)
      faraday (>= 0.7.4, < 1.0)
    faye-websocket (0.11.0)
      eventmachine (>= 0.12.0)
      websocket-driver (>= 0.5.1)
    gli (2.17.2)
    hashie (3.6.0)
    http-cookie (1.0.3)
      domain_name (~> 0.5)
    i18n (1.1.0)
      concurrent-ruby (~> 1.0)
    jwt (2.2.1)
    mime-types (3.3)
      mime-types-data (~> 3.2015)
    mime-types-data (3.2019.1009)
    minitest (5.11.3)
    multi_json (1.14.1)
    multi_xml (0.6.0)
    multipart-post (2.1.1)
    netrc (0.11.0)
    oauth2 (1.4.2)
      faraday (>= 0.8, < 2.0)
      jwt (>= 1.0, < 3.0)
      multi_json (~> 1.3)
      multi_xml (~> 0.5)
      rack (>= 1.2, < 3)
    omniauth (1.9.0)
      hashie (>= 3.4.6, < 3.7.0)
      rack (>= 1.6.2, < 3)
    omniauth-oauth2 (1.5.0)
      oauth2 (~> 1.1)
      omniauth (~> 1.2)
    public_suffix (3.1.1)
    rack (2.0.8)
    rake (13.0.1)
    rest-client (2.0.2)
      http-cookie (>= 1.0.2, < 2.0)
      mime-types (>= 1.16, < 4.0)
      netrc (~> 0.8)
    rspec (3.8.0)
      rspec-core (~> 3.8.0)
      rspec-expectations (~> 3.8.0)
      rspec-mocks (~> 3.8.0)
    rspec-core (3.8.0)
      rspec-support (~> 3.8.0)
    rspec-expectations (3.8.1)
      diff-lcs (>= 1.2.0, < 2.0)
      rspec-support (~> 3.8.0)
    rspec-mocks (3.8.0)
      diff-lcs (>= 1.2.0, < 2.0)
      rspec-support (~> 3.8.0)
    rspec-support (3.8.0)
    rspotify (2.7.0)
      addressable (~> 2.5.2)
      omniauth-oauth2 (~> 1.5.0)
      rest-client (~> 2.0.2)
    slack-ruby-client (0.12.0)
      activesupport
      faraday (>= 0.9)
      faraday_middleware
      gli
      hashie
      websocket-driver
    thread_safe (0.3.6)
    tzinfo (1.2.5)
      thread_safe (~> 0.1)
    unf (0.1.4)
      unf_ext
    unf_ext (0.0.7.6)
    websocket-driver (0.7.3)
      websocket-extensions (>= 0.1.0)
    websocket-extensions (0.1.5)

PLATFORMS
  ruby

DEPENDENCIES
  bundler (~> 1.16)
  rake (~> 13.0)
  rspec (~> 3.0)
  spamify!
  urika!

BUNDLED WITH
   1.16.4
